GEM
  remote: http://rubygems.org/
  specs:
<<<<<<< HEAD
    beefcake (0.3.2)
    builder (2.1.2)
    i18n (0.6.0)
=======
    activemodel (3.0.9)
      activesupport (= 3.0.9)
      builder (~> 2.1.2)
      i18n (~> 0.5.0)
    activerecord (3.0.9)
      activemodel (= 3.0.9)
      activesupport (= 3.0.9)
      arel (~> 2.0.10)
      tzinfo (~> 0.3.23)
    activesupport (3.0.9)
    arel (2.0.10)
    builder (2.1.2)
    i18n (0.5.0)
>>>>>>> d8561f0ee7fb5eae4b57d5f940bd31f2af705204
    rack (1.3.2)
    rack-test (0.6.1)
      rack (>= 1.0)
    riak-client (0.9.7)
      beefcake (= 0.3.2)
      builder (~> 2.1.2)
      i18n (>= 0.4.0)
    sequel (3.24.1)
    sinatra (1.2.6)
      rack (~> 1.1)
      tilt (< 2.0, >= 1.2.2)
    sqlite3 (1.3.4)
    tilt (1.3.2)
    tzinfo (0.3.29)

PLATFORMS
  ruby

DEPENDENCIES
  activerecord
  rack-test
  riak-client
  sequel
  sinatra
  sqlite3
