GEM
  remote: http://rubygems.org/
  specs:
    beefcake (0.3.2)
    builder (2.1.2)
    i18n (0.6.0)
    rack (1.3.2)
    rack-test (0.6.1)
      rack (>= 1.0)
    riak-client (0.9.7)
      beefcake (= 0.3.2)
      builder (~> 2.1.2)
      i18n (>= 0.4.0)
    sequel (3.24.1)
    sinatra (1.2.6)
      rack (~> 1.1)
      tilt (< 2.0, >= 1.2.2)
    tilt (1.3.2)

PLATFORMS
  ruby

DEPENDENCIES
  rack-test
  riak-client
  sequel
  sinatra
